GEM
  remote: https://rubygems.org/
  specs:
    addressable (2.5.2)
      public_suffix (>= 2.0.2, < 4.0)
    cairo (1.14.6)
      pkg-config (>= 1.1.5)
    coffee-script (2.4.1)
      coffee-script-source
      execjs
    coffee-script-source (1.12.2)
    colorize (0.8.1)
    execjs (2.7.0)
    ffi (1.9.25)
    filewatcher (0.5.4)
      trollop (~> 2.0)
    flammarion (0.3.0)
      coffee-script
      colorize (~> 0.7)
      filewatcher (~> 0.5)
      kramdown
      launchy
      rubame (~> 0.0.2)
      sass
      slim
      websocket
    gdk_pixbuf2 (3.0.9)
      glib2 (= 3.0.9)
    glib2 (3.0.9)
      pkg-config
    irb (0.9.6)
    kramdown (1.17.0)
    launchy (2.4.3)
      addressable (~> 2.3)
    mercenary (0.3.6)
    mini_portile2 (2.3.0)
    nokogiri (1.8.5)
      mini_portile2 (~> 2.3.0)
    pango (3.0.9)
      cairo (>= 1.14.0)
      glib2 (= 3.0.9)
    pkg-config (1.3.2)
    public_suffix (3.0.3)
    rake (12.3.2)
    rb-fsevent (0.10.3)
    rb-inotify (0.9.10)
      ffi (>= 0.5.0, < 2)
    roo (2.1.1)
      nokogiri (~> 1)
      rubyzip (~> 1.1, < 2.0.0)
    rsvg2 (3.0.9)
      cairo (>= 1.12.8)
      gdk_pixbuf2 (= 3.0.9)
    rubame (0.0.2)
      websocket (~> 1.0)
    ruby-progressbar (1.10.0)
    rubyzip (1.2.2)
    sass (3.7.2)
      sass-listen (~> 4.0.0)
    sass-listen (4.0.0)
      rb-fsevent (~> 0.9, >= 0.9.4)
      rb-inotify (~> 0.9, >= 0.9.7)
    slim (4.0.1)
      temple (>= 0.7.6, < 0.9)
      tilt (>= 2.0.6, < 2.1)
    squib (0.8.0)
      cairo (~> 1.14.3)
      mercenary (~> 0.3.4)
      pango (~> 3.0.1)
      roo (~> 2.1.0)
      rsvg2 (~> 3.0.0)
      ruby-progressbar (~> 1.6)
    temple (0.8.0)
    tilt (2.0.9)
    trollop (2.9.9)
    websocket (1.2.8)

PLATFORMS
  ruby

DEPENDENCIES
  flammarion
  irb
  nokogiri
  rake
  squib

BUNDLED WITH
   1.17.1
